ObjectType = Image
NDims = 3
BinaryData = True
BinaryDataByteOrderMSB = False
CompressedData = False
TransformMatrix = 0.999998 0.00115221 -0.00133196 -0.00114401 0.99998 0.0061438 0.00133901 -0.00614227 0.99998
Offset = -101.205 -100.735 -51.6555
CenterOfRotation = 0 0 0
AnatomicalOrientation = RAI
ElementSpacing = 0.390625 0.390625 1.20002
0008|0005 = ISO_IR 100
0008|0008 = ORIGINAL\PRIMARY\OTHER
0008|0012 = 20040624
0008|0013 = 020344
0008|0014 = 1.3.6.1.4.1.5962.3
0008|0016 = 1.2.840.10008.5.1.4.1.1.4
0008|0018 = 1.3.6.1.4.1.5962.1.1.0.0.0.1196533885.18148.0.103
0008|0020 = 20030505
0008|0021 = 20030505
0008|0023 = 20030505
0008|0030 = 045357
0008|0031 = 045747
0008|0033 = 050657
0008|0050 = 2 
0008|0060 = MR
0008|0070 = Philips Medical Systems, Inc. 
0008|0201 = +0000 
0008|1030 = Brain-MRA 
0008|103e = **TOF 6.7/T/VOL/WPSAT/SLIN
0008|1090 = Eclipse 1.5T
0010|0010 = Doe^Peter 
0010|0020 = 98890234
0010|0040 = M 
0010|1010 = 045Y
0010|1030 = 81.632700 
0012|0062 = YES 
0012|0063 = dcanon\no identifiers\keep descriptions\keep manufacturer\keep retired\keep private\no uids\keep pet demographics\keep dates\dcdtchg change dates 
0018|0020 = GR
0018|0021 = SS\SP 
0018|0022 = FC\SP 
0018|0050 = 1.200000e+00
0018|0080 = 30
0018|0081 = 6.710000e+00
0018|0083 = 1 
0018|0084 = 6.36977e+01 
0018|0087 = 1.5 
0018|0091 = 1 
0018|0094 = 89.8438 
0018|1020 = VIA5.2
0018|1030 = **TOF 6.7/T/VOL/WPSAT/SLIN
0018|1310 = 440\0\0\320
0018|1314 = 35
0018|5100 = HFS 
0020|000d = 1.3.6.1.4.1.5962.1.1.0.0.0.1196533885.18148.0.1
0020|000e = 1.3.6.1.4.1.5962.1.1.0.0.0.1196533885.18148.0.21
0020|0010 = 2 
0020|0011 = 3 
0020|0012 = 6 
0020|0013 = 83
0020|0032 = -1.012046e+02\-1.007354e+02\-5.165550e+01 
0020|0037 = 1.00000e+00\1.15223e-03\-1.33196e-03\-1.14403e-03\1.00000e+00\6.14392e-03 
0020|0052 = 1.3.6.1.4.1.5962.1.1.0.0.0.1196533885.18148.0.1
0020|0100 = 1 
0020|0105 = 1 
0020|0110 = 531600
0020|1002 = 83
0020|1040 = Brain-MRA 
0020|1041 = 51.172258 
0028|0002 = 1
0028|0004 = MONOCHROME2 
0028|0010 = 512
0028|0011 = 512
0028|0030 = 3.906250e-01\3.906250e-01 
0028|0100 = 16
0028|0101 = 16
0028|0102 = 15
0028|0103 = 1
0028|1050 = 46
0028|1051 = 81
DimSize = 512 512 83
ElementType = MET_SHORT
ElementDataFile = mra.raw
